GEM
  remote: http://rubygems.org/
  specs:
    POpen4 (0.1.4)
      Platform (>= 0.4.0)
      open4
    Platform (0.4.0)
    actionmailer (2.3.14)
      actionpack (= 2.3.14)
    actionpack (2.3.14)
      activesupport (= 2.3.14)
      rack (~> 1.1.0)
    activerecord (2.3.14)
      activesupport (= 2.3.14)
    activeresource (2.3.14)
      activesupport (= 2.3.14)
    activesupport (2.3.14)
    bcrypt-ruby (3.0.1)
    builder (3.0.0)
    calais (0.0.13)
      json (>= 1.1.3)
      nokogiri (>= 1.3.3)
    cloud-crowd (0.6.2)
      activerecord (~> 2.3)
      json (>= 1.1.7)
      rest-client (>= 1.4)
      sinatra (~> 0.9)
      thin (>= 1.2.4)
    curb (0.7.18)
    daemon_controller (1.0.0)
    daemons (1.1.9)
    docsplit (0.6.3)
    escape (0.0.4)
    eventmachine (0.12.10)
    fastercsv (1.5.5)
    fastthread (1.0.7)
    jammit (0.6.5)
      yui-compressor (>= 0.9.3)
    json (1.7.5)
    mime-types (1.19)
    nokogiri (1.5.5)
    open4 (1.3.0)
    passenger (3.0.15)
      daemon_controller (>= 1.0.0)
      fastthread (>= 1.0.1)
      rack
      rake (>= 0.8.1)
    pg (0.14.0)
    pr_geohash (1.0.0)
    rack (1.1.3)
    rails (2.3.14)
      actionmailer (= 2.3.14)
      actionpack (= 2.3.14)
      activerecord (= 2.3.14)
      activeresource (= 2.3.14)
      activesupport (= 2.3.14)
      rake (>= 0.8.3)
    rake (0.9.2.2)
    rdiscount (1.6.8)
    rest-client (1.6.7)
      mime-types (>= 1.16)
    right_aws (3.0.4)
      right_http_connection (>= 1.2.5)
    right_http_connection (1.3.0)
    rsolr (0.12.1)
      builder (>= 2.1.2)
    rubyzip (0.9.9)
    sanitize (2.0.3)
      nokogiri (>= 1.4.4, < 1.6)
    sinatra (0.9.6)
      rack (>= 0.9.1)
    sqlite3 (1.3.6)
    sunspot (1.2.1)
      escape (= 0.0.4)
      pr_geohash (~> 1.0)
      rsolr (= 0.12.1)
    sunspot_rails (1.2.1)
      nokogiri
      sunspot (= 1.2.1)
    thin (1.2.7)
      daemons (>= 1.0.9)
      eventmachine (>= 0.12.6)
      rack (>= 1.0.0)
    yui-compressor (0.9.6)
      POpen4 (>= 0.1.4)

PLATFORMS
  ruby

DEPENDENCIES
  bcrypt-ruby (>= 2.1.2)
  calais (>= 0.0.11)
  cloud-crowd (~> 0.6.2)
  curb (~> 0.7.15)
  daemons (~> 1.1.4)
  docsplit (>= 0.6.3)
  fastercsv (>= 1.5.3)
  jammit (>= 0.6.5)
  json (>= 1.6.5)
  nokogiri (>= 1.4.4)
  passenger (~> 3.0.13)
  pg (>= 0.11.0)
  rack (~> 1.1.3)
  rails (~> 2.3.14)
  rdiscount (~> 1.6.8)
  rest-client (>= 1.0.3)
  right_aws (>= 2.0.1)
  rubyzip (>= 0.9.1)
  sanitize (~> 2.0.3)
  sinatra (~> 0.9.4)
  sqlite3 (~> 1.3.4)
  sunspot (~> 1.2.1)
  sunspot_rails (>= 1.2.1)
  thin (= 1.2.7)
  yui-compressor (~> 0.9.6)
